GEM
  remote: https://rubygems.org/
  specs:
    bcrypt (3.1.16)
    concurrent-ruby (1.1.8)
    crass (1.0.6)
    diff-lcs (1.4.4)
    dotenv (2.7.6)
    et-orbi (1.2.4)
      tzinfo
    ffi (1.14.2)
    filesize (0.2.0)
    foreman (0.87.2)
    fugit (1.4.2)
      et-orbi (~> 1.1, >= 1.1.8)
      raabro (~> 1.4)
    mini_portile2 (2.5.0)
    minitar (0.9)
    multi_json (1.15.0)
    mustermann (1.1.1)
      ruby2_keywords (~> 0.0.1)
    net-ldap (0.17.0)
    nio4r (2.5.4)
    nokogiri (1.11.1)
      mini_portile2 (~> 2.5.0)
      racc (~> 1.4)
    nokogumbo (2.0.4)
      nokogiri (~> 1.8, >= 1.8.4)
    puma (5.2.0)
      nio4r (~> 2.0)
    raabro (1.4.0)
    racc (1.5.2)
    rack (2.2.3)
    rack-protection (2.1.0)
      rack
    rack-test (1.1.0)
      rack (>= 1.0, < 3)
    rake (13.0.3)
    rspec (3.10.0)
      rspec-core (~> 3.10.0)
      rspec-expectations (~> 3.10.0)
      rspec-mocks (~> 3.10.0)
    rspec-core (3.10.1)
      rspec-support (~> 3.10.0)
    rspec-expectations (3.10.1)
      diff-lcs (>= 1.2.0, < 2.0)
      rspec-support (~> 3.10.0)
    rspec-mocks (3.10.2)
      diff-lcs (>= 1.2.0, < 2.0)
      rspec-support (~> 3.10.0)
    rspec-support (3.10.2)
    ruby2_keywords (0.0.4)
    rufus-scheduler (3.7.0)
      fugit (~> 1.1, >= 1.1.6)
    sanitize (5.2.3)
      crass (~> 1.0.2)
      nokogiri (>= 1.8.0)
      nokogumbo (~> 2.0)
    sequel (5.40.0)
    sinatra (2.1.0)
      mustermann (~> 1.0)
      rack (~> 2.2)
      rack-protection (= 2.1.0)
      tilt (~> 2.0)
    sinatra-contrib (2.1.0)
      multi_json
      mustermann (~> 1.0)
      rack-protection (= 2.1.0)
      sinatra (= 2.1.0)
      tilt (~> 2.0)
    sinatra-flash (0.3.0)
      sinatra (>= 1.0.0)
    sqlite3 (1.4.2)
    sys-filesystem (1.4.1)
      ffi (~> 1.1)
    tilt (2.0.10)
    tzinfo (2.0.4)
      concurrent-ruby (~> 1.0)

PLATFORMS
  ruby

DEPENDENCIES
  bcrypt
  dotenv
  filesize
  foreman
  minitar
  net-ldap
  puma
  rack-test
  rake
  rspec
  rufus-scheduler
  sanitize
  sequel (>= 5)
  sinatra
  sinatra-contrib
  sinatra-flash
  sqlite3
  sys-filesystem

BUNDLED WITH
   1.17.3
